GEM
  remote: https://rubygems.org/
  specs:
    mustermann (1.0.2)
    rack (2.0.5)
    rack-protection (2.0.3)
      rack
    rake (12.3.1)
    sinatra (2.0.3)
      mustermann (~> 1.0)
      rack (~> 2.0)
      rack-protection (= 2.0.3)
      tilt (~> 2.0)
    tilt (2.0.8)

PLATFORMS
  x64-mingw32

DEPENDENCIES
  rake (~> 12.3)
  sinatra (~> 2.0)

BUNDLED WITH
   1.16.1
